GEM
  remote: https://rubygems.org/
  specs:
    progress (3.0.0)
    sqlite3 (1.3.10)

PLATFORMS
  ruby

DEPENDENCIES
  progress
  sqlite3
